GEM
  remote: https://rubygems.org/
  specs:
    bind-it (0.2.7)
      rjb (~> 1.4.3)
    columnize (0.3.6)
    debugger (1.6.1)
      columnize (>= 0.3.1)
      debugger-linecache (~> 1.2.0)
      debugger-ruby_core_source (~> 1.2.3)
    debugger-linecache (1.2.0)
    debugger-ruby_core_source (1.2.3)
    rack (1.5.2)
    rack-protection (1.5.0)
      rack
    rjb (1.4.8)
    sinatra (1.4.3)
      rack (~> 1.4)
      rack-protection (~> 1.4)
      tilt (~> 1.3, >= 1.3.4)
    stanford-core-nlp (0.5.1)
      bind-it (~> 0.2.5)
    tilt (1.4.1)

PLATFORMS
  ruby

DEPENDENCIES
  debugger
  sinatra (~> 1.3)
  stanford-core-nlp
