GEM
  remote: https://rubygems.org/
  specs:
    bind-it (0.2.7)
      rjb (~> 1.4.3)
    columnize (0.3.6)
    debugger (1.6.1)
      columnize (>= 0.3.1)
      debugger-linecache (~> 1.2.0)
      debugger-ruby_core_source (~> 1.2.3)
    debugger-linecache (1.2.0)
    debugger-ruby_core_source (1.2.3)
    rjb (1.4.8)
    stanford-core-nlp (0.5.1)
      bind-it (~> 0.2.5)

PLATFORMS
  ruby

DEPENDENCIES
  debugger
  stanford-core-nlp
